GIT
  remote: https://github.com/adaoraul/rack-jekyll
  revision: 1fdeacbc244cea8088c665fc4d3545c6acb71d4e
  specs:
    rack-jekyll (0.4.0)
      jekyll (~> 0.12.0)
      rack (~> 1.5.0)

GEM
  remote: https://rubygems.org/
  specs:
    addressable (2.3.4)
    classifier (1.3.3)
      fast-stemmer (>= 1.0.0)
    directory_watcher (1.5.1)
    excon (0.20.1)
    fast-stemmer (1.0.2)
    haml (4.0.2)
      tilt
    heroku (2.39.2)
      heroku-api (~> 0.3.7)
      launchy (>= 0.3.2)
      netrc (~> 0.7.7)
      rest-client (~> 1.6.1)
      rubyzip
    heroku-api (0.3.9)
      excon (~> 0.20.1)
    jekyll (0.12.1)
      classifier (~> 1.3)
      directory_watcher (~> 1.1)
      kramdown (~> 0.14)
      liquid (~> 2.3)
      maruku (~> 0.5)
      pygments.rb (~> 0.3.2)
    jekyll-haml (0.0.1)
      haml (>= 3.0.0)
      jekyll (>= 0.10.0)
    jekyll-sass (1.1.0)
      jekyll (>= 0.10.0)
      sass (>= 3.0.0)
    kramdown (0.14.2)
    launchy (2.3.0)
      addressable (~> 2.3)
    liquid (2.5.0)
    maruku (0.6.0)
      syntax (>= 1.0.0)
    mime-types (1.23)
    netrc (0.7.7)
    posix-spawn (0.3.6)
    puma (2.0.1)
      rack (>= 1.1, < 2.0)
    pygments.rb (0.3.7)
      posix-spawn (~> 0.3.6)
      yajl-ruby (~> 1.1.0)
    rack (1.5.2)
    rest-client (1.6.7)
      mime-types (>= 1.16)
    rubyzip (0.9.9)
    sass (3.2.8)
    syntax (1.0.0)
    tilt (1.4.0)
    yajl-ruby (1.1.0)

PLATFORMS
  ruby

DEPENDENCIES
  heroku
  jekyll
  jekyll-haml
  jekyll-sass
  maruku
  puma
  rack-jekyll!
